GIT
  remote: git://github.com/deivid-rodriguez/byebug.git
  revision: 37e95c51c4a02b24d3dab3f786299098767280d5
  branch: master
  specs:
    byebug (4.0.5)
      columnize (= 0.9.0)

GEM
  remote: https://rubygems.org/
  specs:
    awesome_print (1.6.1)
    bcrypt (3.1.10)
    bcrypt-ruby (3.1.5)
      bcrypt (>= 3.1.3)
    binding_of_caller (0.7.2)
      debug_inspector (>= 0.0.1)
    capybara (2.4.4)
      mime-types (>= 1.16)
      nokogiri (>= 1.3.3)
      rack (>= 1.0.0)
      rack-test (>= 0.5.4)
      xpath (~> 2.0)
    coderay (1.1.0)
    columnize (0.9.0)
    debug_inspector (0.0.2)
    dotenv (1.0.2)
    http_router (0.11.1)
      rack (>= 1.0.0)
      url_mount (~> 0.2.1)
    lotus-controller (0.4.0)
      lotus-utils (~> 0.4)
      lotus-validations (~> 0.3)
      rack (~> 1.5)
    lotus-helpers (0.1.0)
      lotus-utils (~> 0.4)
    lotus-model (0.3.0)
      lotus-utils (~> 0.4)
      sequel (~> 4.9)
    lotus-postgres (0.1.0)
      lotus-model (~> 0.2)
    lotus-router (0.3.0)
      http_router (~> 0.11)
      lotus-utils (~> 0.4)
    lotus-utils (0.4.0)
    lotus-validations (0.3.0)
      lotus-utils (~> 0.4)
    lotus-view (0.4.0)
      lotus-utils (~> 0.4)
      tilt (~> 2.0, >= 2.0.1)
    lotusrb (0.3.0)
      dotenv (~> 1.0)
      lotus-controller (~> 0.4)
      lotus-helpers (~> 0.1)
      lotus-router (~> 0.3)
      lotus-utils (~> 0.4)
      lotus-view (~> 0.4)
      shotgun (~> 0.9)
      thor (~> 0.19)
    method_source (0.8.2)
    mime-types (2.4.3)
    mini_portile (0.6.2)
    minitest (5.5.1)
    nokogiri (1.6.6.2)
      mini_portile (~> 0.6.0)
    pg (0.18.1)
    pry (0.10.1)
      coderay (~> 1.1.0)
      method_source (~> 0.8.1)
      slop (~> 3.4)
    pry-byebug (3.1.0)
      byebug (~> 4.0)
      pry (~> 0.10)
    pry-doc (0.6.0)
      pry (~> 0.9)
      yard (~> 0.8)
    pry-rails (0.3.4)
      pry (>= 0.9.10)
    pry-stack_explorer (0.4.9.2)
      binding_of_caller (>= 0.7)
      pry (>= 0.9.11)
    rack (1.6.0)
    rack-session-sequel (0.0.1)
      rack
      sequel
    rack-test (0.6.3)
      rack (>= 1.0)
    rake (10.4.2)
    sequel (4.21.0)
    shotgun (0.9.1)
      rack (>= 1.0)
    slop (3.6.0)
    thor (0.19.1)
    tilt (2.0.1)
    url_mount (0.2.1)
      rack
    xpath (2.0.0)
      nokogiri (~> 1.3)
    yard (0.8.7.6)

PLATFORMS
  ruby

DEPENDENCIES
  awesome_print
  bcrypt-ruby
  bundler
  byebug!
  capybara
  lotus-model (~> 0.3)
  lotus-postgres (~> 0.1.0)
  lotusrb (= 0.3.0)
  minitest
  pg
  pry-byebug
  pry-doc
  pry-rails
  pry-stack_explorer
  rack-session-sequel
  rake
